PATH
  remote: .
  specs:
    dbt (0.9.0.dev)

GEM
  remote: http://rubygems.org/
  specs:
    metaclass (0.0.1)
    minitest (5.0.2)
    mocha (0.14.0)
      metaclass (~> 0.0.1)
    pg (0.15.1)
    rake (10.0.4)

PLATFORMS
  java
  ruby

DEPENDENCIES
  dbt!
  minitest (= 5.0.2)
  mocha (= 0.14.0)
  pg (= 0.15.1)
  rake
